GEM
  remote: https://rubygems.org/
  specs:
    amq-protocol (2.2.0)
    bunny (2.7.0)
      amq-protocol (>= 2.2.0)
    faker (1.8.4)
      i18n (~> 0.5)
    i18n (0.8.1)
    thrift (0.11.0.0)

PLATFORMS
  ruby

DEPENDENCIES
  bunny
  faker
  thrift

BUNDLED WITH
   1.15.3
